GIT
  remote: http://github.com/samsoffes/xmlrpc-endpoint.git
  revision: 8430248b148b6fa46e9e13901ff0d423b898cb6f
  specs:
    xmlrpc-endpoint (0.2.2)

GEM
  remote: http://rubygems.org/
  specs:
    abstract (1.0.0)
    actionmailer (3.0.5)
      actionpack (= 3.0.5)
      mail (~> 2.2.15)
    actionpack (3.0.5)
      activemodel (= 3.0.5)
      activesupport (= 3.0.5)
      builder (~> 2.1.2)
      erubis (~> 2.6.6)
      i18n (~> 0.4)
      rack (~> 1.2.1)
      rack-mount (~> 0.6.13)
      rack-test (~> 0.5.7)
      tzinfo (~> 0.3.23)
    activemodel (3.0.5)
      activesupport (= 3.0.5)
      builder (~> 2.1.2)
      i18n (~> 0.4)
    activerecord (3.0.5)
      activemodel (= 3.0.5)
      activesupport (= 3.0.5)
      arel (~> 2.0.2)
      tzinfo (~> 0.3.23)
    activeresource (3.0.5)
      activemodel (= 3.0.5)
      activesupport (= 3.0.5)
    activesupport (3.0.5)
    arel (2.0.9)
    builder (2.1.2)
    chunky_png (1.1.0)
    compass (0.11.beta.5)
      chunky_png (~> 1.1.0)
      sass (>= 3.1.0.alpha.249)
    dalli (1.0.2)
    erubis (2.6.6)
      abstract (>= 1.0.0)
    goalie (0.0.2)
    i18n (0.5.0)
    mail (2.2.15)
      activesupport (>= 2.3.6)
      i18n (>= 0.4.0)
      mime-types (~> 1.16)
      treetop (~> 1.4.8)
    mime-types (1.16)
    pg (0.10.1)
    polyglot (0.3.1)
    rack (1.2.1)
    rack-mount (0.6.13)
      rack (>= 1.0.0)
    rack-test (0.5.7)
      rack (>= 1.0)
    rails (3.0.5)
      actionmailer (= 3.0.5)
      actionpack (= 3.0.5)
      activerecord (= 3.0.5)
      activeresource (= 3.0.5)
      activesupport (= 3.0.5)
      bundler (~> 1.0)
      railties (= 3.0.5)
    railties (3.0.5)
      actionpack (= 3.0.5)
      activesupport (= 3.0.5)
      rake (>= 0.8.7)
      thor (~> 0.14.4)
    rake (0.8.7)
    rdiscount (1.6.5)
    sass (3.1.0.alpha.252)
    thor (0.14.6)
    treetop (1.4.9)
      polyglot (>= 0.3.1)
    tweet-button (0.1.0)
    tzinfo (0.3.24)
    will_paginate (3.0.pre2)

PLATFORMS
  ruby

DEPENDENCIES
  compass (= 0.11.beta.5)
  dalli (= 1.0.2)
  goalie (= 0.0.2)
  pg (= 0.10.1)
  rails (= 3.0.5)
  rdiscount (= 1.6.5)
  tweet-button (= 0.1.0)
  will_paginate (= 3.0.pre2)
  xmlrpc-endpoint!
